GEM
  remote: http://rubygems.org/
  specs:
    bouncy-castle-java (1.5.0146.1)
    builder (3.0.0)
    childprocess (0.1.9)
      ffi (~> 1.0.6)
    cucumber (0.10.3)
      builder (>= 2.1.2)
      diff-lcs (>= 1.1.2)
      gherkin (>= 2.3.8)
      json (>= 1.4.6)
      term-ansicolor (>= 1.0.5)
    deprecated (3.0.0)
    diff-lcs (1.1.2)
    ffi (1.0.9-java)
    gherkin (2.3.10-java)
      json (>= 1.4.6)
    jruby-openssl (0.7.4)
      bouncy-castle-java
    json (1.5.1-java)
    json_pure (1.5.1)
    operawatir (0.4.2-java)
      deprecated
      rspec (<= 2.5)
    rspec (2.5.0)
      rspec-core (~> 2.5.0)
      rspec-expectations (~> 2.5.0)
      rspec-mocks (~> 2.5.0)
    rspec-core (2.5.2)
    rspec-expectations (2.5.0)
      diff-lcs (~> 1.1.2)
    rspec-mocks (2.5.0)
    rubyzip (0.9.4)
    selenium-webdriver (0.2.0)
      childprocess (>= 0.1.7)
      ffi (>= 1.0.7)
      json_pure
      rubyzip
    syntax (1.0.0)
    term-ansicolor (1.0.5)
    watir-webdriver (0.2.3)
      selenium-webdriver (>= 0.2.0)

PLATFORMS
  java

DEPENDENCIES
  cucumber
  jruby-openssl
  operawatir
  syntax
  watir-webdriver
